GEM
  remote: https://rubygems.org/
  specs:
    asciidoctor (2.0.10)
    asciidoctor-diagram (1.5.18)
      asciidoctor (>= 1.5.0, < 3.x)
    asciidoctor-revealjs (2.0.0)
      asciidoctor (>= 1.5.6, < 2.1)
      concurrent-ruby (~> 1.0)
      thread_safe (~> 0.3.5)
    concurrent-ruby (1.1.5)
    json (2.2.0)
    json (2.2.0-java)
    thread_safe (0.3.6)
    thread_safe (0.3.6-java)

PLATFORMS
  java
  ruby

DEPENDENCIES
  asciidoctor-diagram
  asciidoctor-revealjs
  json

BUNDLED WITH
   2.1.4
